GEM
  remote: https://rubygems.org/
  specs:
    backports (3.3.5)
    eventmachine (1.0.3)
    mysql2 (0.3.14)
    rack (1.5.2)
    rack-protection (1.5.1)
      rack
    rack-test (0.6.2)
      rack (>= 1.0)
    sass (3.2.12)
    sequel (4.4.0)
    shotgun (0.9)
      rack (>= 1.0)
    sinatra (1.3.6)
      rack (~> 1.4)
      rack-protection (~> 1.3)
      tilt (~> 1.3, >= 1.3.3)
    sinatra-content-for2 (0.3)
      sinatra
    sinatra-contrib (1.3.2)
      backports (>= 2.0)
      eventmachine
      rack-protection
      rack-test
      sinatra (~> 1.3.0)
      tilt (~> 1.3)
    tilt (1.4.1)
    yajl-ruby (1.1.0)

PLATFORMS
  ruby

DEPENDENCIES
  mysql2 (~> 0.3.11)
  sass
  sequel (~> 4.4.0)
  shotgun
  sinatra (~> 1.3.5)
  sinatra-content-for2
  sinatra-contrib
  yajl-ruby (~> 1.1.0)
